GEM
  remote: https://rubygems.org/
  specs:
    ansi (1.5.0)
    bcrypt (3.1.16)
    builder (3.2.4)
    chartkick (4.0.5)
    coderay (1.1.3)
    erubis (2.7.0)
    method_source (1.0.0)
    minitest (5.14.4)
    minitest-reporters (1.4.3)
      ansi
      builder
      minitest (>= 5.0)
      ruby-progressbar
    multi_json (1.15.0)
    mustermann (1.1.1)
      ruby2_keywords (~> 0.0.1)
    nio4r (2.5.7)
    pg (1.2.3)
    pry (0.14.1)
      coderay (~> 1.1)
      method_source (~> 1.0)
    puma (5.1.1)
      nio4r (~> 2.0)
    rack (2.2.3)
    rack-protection (2.1.0)
      rack
    ruby-progressbar (1.11.0)
    ruby2_keywords (0.0.5)
    securerandom (0.1.0)
    sinatra (2.1.0)
      mustermann (~> 1.0)
      rack (~> 2.2)
      rack-protection (= 2.1.0)
      tilt (~> 2.0)
    sinatra-contrib (2.1.0)
      multi_json
      mustermann (~> 1.0)
      rack-protection (= 2.1.0)
      sinatra (= 2.1.0)
      tilt (~> 2.0)
    tilt (2.0.10)

PLATFORMS
  ruby

DEPENDENCIES
  bcrypt
  chartkick
  erubis
  minitest
  minitest-reporters
  pg
  pry
  puma
  rack (~> 2.0)
  securerandom
  sinatra (~> 2.1.0)
  sinatra-contrib

RUBY VERSION
   ruby 2.6.0p0

BUNDLED WITH
   1.17.2
